GEM
  remote: https://rubygems.org/
  specs:
    concurrent-ruby (1.3.5)
    faker (1.9.6)
      i18n (>= 0.7)
    i18n (1.14.7)
      concurrent-ruby (~> 1.0)

PLATFORMS
  x86_64-linux

DEPENDENCIES
  faker (~> 1.9)

BUNDLED WITH
   2.4.22
